GIT
  remote: https://github.com/tuxmea/onceover-codequality.git
  revision: d4d4150d0490e27a56cdea58cc93d7974446e99e
  branch: lint_strings_4
  specs:
    onceover-codequality (0.8.0)
      onceover (~> 3)
      puppet-lint (~> 4)
      puppet-strings (~> 4)
      puppet-syntax (~> 3)

GEM
  remote: https://rubygems.org/
  specs:
    CFPropertyList (2.3.6)
    addressable (2.8.1)
      public_suffix (>= 2.0.2, < 6.0)
    ansi (1.5.0)
    ast (2.4.2)
    backticks (1.0.5)
    bcrypt_pbkdf (1.1.0)
    beaker (5.1.0)
      beaker-hostgenerator
      ed25519 (~> 1.0)
      hocon (~> 1.0)
      in-parallel (>= 0.1, < 2.0)
      inifile (~> 3.0)
      minitar (~> 0.6)
      minitest (~> 5.4)
      net-scp (>= 1.2, < 5.0)
      net-ssh (>= 5.0)
      rexml
      rsync (~> 1.0.9)
      stringify-hash (~> 0.0)
      thor (>= 1.0.1, < 2.0)
    beaker-docker (1.5.0)
      beaker (>= 4.34)
      docker-api (~> 2.1)
      stringify-hash (~> 0.0.0)
    beaker-hiera (0.5.0)
      beaker (>= 4, < 6)
    beaker-hostgenerator (1.18.1)
      deep_merge (~> 1.0)
    beaker-module_install_helper (1.0.0)
      beaker (>= 2.0)
      beaker-puppet (~> 1.0)
    beaker-puppet (1.6.0)
      in-parallel (~> 0.1)
      oga
      stringify-hash (~> 0.0.0)
    beaker-puppet_install_helper (0.9.4)
      beaker (>= 2.0)
    beaker-rspec (8.0.0)
      beaker (>= 4.0, < 6)
      rspec (~> 3.0)
      serverspec (~> 2)
      specinfra (~> 2)
    beaker-vagrant (1.0.0)
      beaker (~> 5)
    blockenspiel (0.5.0)
    builder (3.2.4)
    colored (1.2)
    colored2 (3.1.2)
    concurrent-ruby (1.1.10)
    cri (2.15.11)
    deep_merge (1.2.2)
    diff-lcs (1.5.0)
    diffy (3.4.2)
    docker-api (2.2.0)
      excon (>= 0.47.0)
      multi_json
    ed25519 (1.3.0)
    erubi (1.12.0)
    excon (0.99.0)
    facter (4.3.0)
      hocon (~> 1.3)
      thor (>= 1.0.1, < 2.0)
    facterdb (1.21.0)
      facter (< 5.0.0)
      jgrep
    faraday (1.10.3)
      faraday-em_http (~> 1.0)
      faraday-em_synchrony (~> 1.0)
      faraday-excon (~> 1.1)
      faraday-httpclient (~> 1.0)
      faraday-multipart (~> 1.0)
      faraday-net_http (~> 1.0)
      faraday-net_http_persistent (~> 1.0)
      faraday-patron (~> 1.0)
      faraday-rack (~> 1.0)
      faraday-retry (~> 1.0)
      ruby2_keywords (>= 0.0.4)
    faraday-em_http (1.0.0)
    faraday-em_synchrony (1.0.0)
    faraday-excon (1.1.0)
    faraday-httpclient (1.0.1)
    faraday-multipart (1.0.4)
      multipart-post (~> 2)
    faraday-net_http (1.0.1)
    faraday-net_http_persistent (1.2.0)
    faraday-patron (1.0.0)
    faraday-rack (1.0.0)
    faraday-retry (1.0.3)
    faraday_middleware (1.2.0)
      faraday (~> 1.0)
    fast_gettext (2.3.0)
    ffi (1.15.5)
    forwardable (1.3.3)
    gettext (3.4.3)
      erubi
      locale (>= 2.0.5)
      prime
      text (>= 1.3.0)
    gettext-setup (1.1.0)
      fast_gettext (~> 2.1)
      gettext (~> 3.4)
      locale
    git (1.18.0)
      addressable (~> 2.8)
      rchardet (~> 1.8)
    gssapi (1.3.1)
      ffi (>= 1.0.1)
    gyoku (1.4.0)
      builder (>= 2.1.2)
      rexml (~> 3.0)
    hashdiff (1.0.1)
    hiera-eyaml (3.3.0)
      highline
      optimist
    highline (2.1.0)
    hocon (1.4.0)
    httparty (0.21.0)
      mini_mime (>= 1.0.0)
      multi_xml (>= 0.5.2)
    httpclient (2.8.3)
    in-parallel (0.1.17)
    inifile (3.0.0)
    jgrep (1.5.4)
    json (2.6.3)
    jwt (2.2.3)
    little-plugger (1.1.4)
    locale (2.1.3)
    log4r (1.1.10)
    logging (2.3.1)
      little-plugger (~> 1.1)
      multi_json (~> 1.14)
    mini_mime (1.1.2)
    minitar (0.9)
    minitest (5.18.0)
    mocha (1.16.1)
    molinillo (0.8.0)
    multi_json (1.15.0)
    multi_xml (0.6.0)
    multipart-post (2.3.0)
    net-scp (4.0.0)
      net-ssh (>= 2.6.5, < 8.0.0)
    net-ssh (7.1.0)
    net-telnet (0.1.1)
    nokogiri (1.14.2-x86_64-darwin)
      racc (~> 1.4)
    nokogiri (1.14.2-x86_64-linux)
      racc (~> 1.4)
    nori (2.6.0)
    octocatalog-diff (1.6.0)
      diffy (>= 3.1.0)
      hashdiff (>= 0.3.0)
      httparty (>= 0.11.0)
      parallel (>= 1.12.0)
      rugged (>= 0.25.0b2)
    oga (3.4)
      ast
      ruby-ll (~> 2.1)
    onceover (3.20.0)
      backticks (>= 1.0.2)
      colored (~> 1.2)
      cri (>= 2.6)
      deep_merge (>= 1.0.0)
      git
      logging (>= 2.0.0)
      multi_json (~> 1.10)
      parallel_tests (>= 2.0.0)
      puppet (>= 4.0)
      puppetlabs_spec_helper (>= 0.4.0)
      r10k (>= 2.1.0)
      rake (>= 10.0.0)
      rspec (>= 3.0.0)
      rspec-puppet (>= 2.4.0)
      rspec_junit_formatter (>= 0.2.0)
      terminal-table (>= 1.8.0)
      versionomy (>= 0.5.0)
    onceover-lookup (0.1.1)
      onceover (~> 3)
    onceover-octocatalog-diff (0.1.8)
      octocatalog-diff (~> 1.0)
      onceover (>= 3.2.0)
    optimist (3.0.1)
    parallel (1.22.1)
    parallel_tests (4.2.0)
      parallel
    parser (3.2.2.3)
      ast (~> 2.4.1)
      racc
    pathspec (1.1.3)
    prime (0.1.2)
      forwardable
      singleton
    public_suffix (5.0.1)
    puppet (8.0.1)
      concurrent-ruby (~> 1.0, < 1.2.0)
      deep_merge (~> 1.0)
      facter (>= 4.3.0, < 5)
      fast_gettext (>= 2.1, < 3)
      locale (~> 2.1)
      multi_json (~> 1.13)
      puppet-resource_api (~> 1.5)
      scanf (~> 1.0)
      semantic_puppet (~> 1.0)
    puppet (8.0.1-universal-darwin)
      CFPropertyList (~> 2.2)
      concurrent-ruby (~> 1.0, < 1.2.0)
      deep_merge (~> 1.0)
      facter (>= 4.3.0, < 5)
      fast_gettext (>= 2.1, < 3)
      locale (~> 2.1)
      multi_json (~> 1.13)
      puppet-resource_api (~> 1.5)
      scanf (~> 1.0)
      semantic_puppet (~> 1.0)
    puppet-lint (4.0.0)
    puppet-lint-absolute_classname-check (4.0.0)
      puppet-lint (>= 3.0, < 5)
    puppet-lint-anchor-check (2.0.0)
      puppet-lint (>= 3, < 5)
    puppet-lint-file_ensure-check (2.0.0)
      puppet-lint (>= 3, < 5)
    puppet-lint-leading_zero-check (2.0.0)
      puppet-lint (>= 3, < 5)
    puppet-lint-lookup_in_parameter-check (2.0.0)
      puppet-lint (>= 3, < 5)
    puppet-lint-manifest_whitespace-check (0.3.0)
      puppet-lint (>= 1.0, < 5)
    puppet-lint-optional_default-check (2.0.0)
      puppet-lint (>= 3, < 5)
    puppet-lint-param-docs (2.0.0)
      puppet-lint (>= 3, < 5)
    puppet-lint-param-types (2.0.0)
      puppet-lint (>= 3, < 5)
    puppet-lint-params_empty_string-check (2.0.0)
      puppet-lint (>= 3, < 5)
    puppet-lint-resource_reference_syntax (2.0.0)
      puppet-lint (>= 3, < 5)
    puppet-lint-strict_indent-check (3.0.0)
      puppet-lint (>= 3, < 5)
    puppet-lint-topscope-variable-check (2.0.0)
      puppet-lint (>= 3, < 5)
    puppet-lint-trailing_comma-check (2.0.0)
      puppet-lint (>= 3, < 5)
    puppet-lint-unquoted_string-check (3.0.0)
      puppet-lint (>= 3, < 5)
    puppet-lint-variable_contains_upcase (2.0.0)
      puppet-lint (>= 3, < 5)
    puppet-lint-version_comparison-check (2.0.0)
      puppet-lint (>= 3, < 5)
    puppet-modulebuilder (0.3.0)
      minitar (~> 0.9)
      pathspec (>= 0.2.1, < 2.0.0)
    puppet-resource_api (1.8.14)
      hocon (>= 1.0)
    puppet-strings (4.0.0)
      rgen (~> 0.9)
      yard (~> 0.9)
    puppet-syntax (3.3.0)
      puppet (>= 5)
      rake
    puppet_forge (3.2.0)
      faraday (~> 1.3)
      faraday_middleware (~> 1.0)
      minitar
      semantic_puppet (~> 1.0)
    puppetlabs_spec_helper (6.0.1)
      mocha (~> 1.0)
      pathspec (>= 0.2, < 2.0.0)
      puppet-lint (>= 3.0.0)
      puppet-syntax (~> 3.0)
      rspec-github (~> 2.0)
      rspec-puppet (>= 2.0)
    r10k (3.15.4)
      colored2 (= 3.1.2)
      cri (>= 2.15.10)
      fast_gettext (>= 1.1.0, < 3.0.0)
      gettext (>= 3.0.2, < 4.0.0)
      gettext-setup (>= 0.24, < 2.0.0)
      jwt (~> 2.2.3)
      log4r (= 1.1.10)
      minitar (~> 0.9)
      multi_json (~> 1.10)
      puppet_forge (>= 2.3.0, < 4.0.0)
    ra10ke (2.0.0)
      git
      puppet_forge
      r10k (>= 2.6.5)
      rake
      semverse (>= 2.0)
      solve
      table_print (~> 1.5.6)
    racc (1.6.2)
    rainbow (3.1.1)
    rake (13.0.6)
    rchardet (1.8.0)
    regexp_parser (2.8.1)
    rexml (3.2.5)
    rgen (0.9.1)
    rspec (3.12.0)
      rspec-core (~> 3.12.0)
      rspec-expectations (~> 3.12.0)
      rspec-mocks (~> 3.12.0)
    rspec-core (3.12.1)
      rspec-support (~> 3.12.0)
    rspec-expectations (3.12.2)
      diff-lcs (>= 1.2.0, < 2.0)
      rspec-support (~> 3.12.0)
    rspec-github (2.4.0)
      rspec-core (~> 3.0)
    rspec-its (1.3.0)
      rspec-core (>= 3.0.0)
      rspec-expectations (>= 3.0.0)
    rspec-mocks (3.12.4)
      diff-lcs (>= 1.2.0, < 2.0)
      rspec-support (~> 3.12.0)
    rspec-puppet (3.0.0)
      rspec
    rspec-puppet-facts (2.0.5)
      facter
      facterdb (>= 0.5.0)
      puppet
    rspec-puppet-utils (3.4.0)
      mocha
      puppet
      puppetlabs_spec_helper
      rspec
      rspec-puppet
    rspec-support (3.12.0)
    rspec_junit_formatter (0.6.0)
      rspec-core (>= 2, < 4, != 2.12.0)
    rsync (1.0.9)
    rubocop (1.52.1)
      json (~> 2.3)
      parallel (~> 1.10)
      parser (>= 3.2.2.3)
      rainbow (>= 2.2.2, < 4.0)
      regexp_parser (>= 1.8, < 3.0)
      rexml (>= 3.2.5, < 4.0)
      rubocop-ast (>= 1.28.0, < 2.0)
      ruby-progressbar (~> 1.7)
      unicode-display_width (>= 2.4.0, < 3.0)
    rubocop-ast (1.29.0)
      parser (>= 3.2.1.0)
    rubocop-capybara (2.18.0)
      rubocop (~> 1.41)
    rubocop-factory_bot (2.23.1)
      rubocop (~> 1.33)
    rubocop-performance (1.18.0)
      rubocop (>= 1.7.0, < 2.0)
      rubocop-ast (>= 0.4.0)
    rubocop-rake (0.6.0)
      rubocop (~> 1.0)
    rubocop-rspec (2.22.0)
      rubocop (~> 1.33)
      rubocop-capybara (~> 2.17)
      rubocop-factory_bot (~> 2.22)
    ruby-ll (2.1.2)
      ansi
      ast
    ruby-progressbar (1.13.0)
    ruby2_keywords (0.0.5)
    rubyntlm (0.6.3)
    rugged (1.6.3)
    scanf (1.0.0)
    semantic_puppet (1.0.4)
    semverse (3.0.2)
    serverspec (2.42.2)
      multi_json
      rspec (~> 3.0)
      rspec-its
      specinfra (~> 2.72)
    sfl (2.3)
    singleton (0.1.1)
    solve (4.0.4)
      molinillo (~> 0.6)
      semverse (>= 1.1, < 4.0)
    specinfra (2.85.0)
      net-scp
      net-ssh (>= 2.7)
      net-telnet (= 0.1.1)
      sfl
    stringify-hash (0.0.2)
    table_print (1.5.7)
    terminal-table (3.0.2)
      unicode-display_width (>= 1.1.1, < 3)
    text (1.3.1)
    thor (1.2.1)
    trollop (2.9.10)
    unf_ext (0.0.8.2)
    unicode-display_width (2.4.2)
    versionomy (0.5.0)
      blockenspiel (~> 0.5)
    voxpupuli-acceptance (1.2.0)
      bcrypt_pbkdf
      beaker (>= 4.33.0)
      beaker-docker
      beaker-hiera (~> 0.4)
      beaker-hostgenerator (>= 1.1.22)
      beaker-module_install_helper
      beaker-puppet
      beaker-puppet_install_helper
      beaker-rspec
      beaker-vagrant
      puppet-modulebuilder (~> 0.1)
      rake
      rspec-github (~> 2.0)
      serverspec
      winrm
    voxpupuli-puppet-lint-plugins (5.0.0)
      puppet-lint (~> 4.0)
      puppet-lint-absolute_classname-check (~> 4.0)
      puppet-lint-anchor-check (~> 2.0)
      puppet-lint-file_ensure-check (~> 2.0)
      puppet-lint-leading_zero-check (~> 2.0)
      puppet-lint-lookup_in_parameter-check (~> 2.0)
      puppet-lint-manifest_whitespace-check (~> 0.3, < 1.0.0)
      puppet-lint-optional_default-check (~> 2.0)
      puppet-lint-param-docs (~> 2.0)
      puppet-lint-param-types (~> 2.0)
      puppet-lint-params_empty_string-check (~> 2.0)
      puppet-lint-resource_reference_syntax (~> 2.0)
      puppet-lint-strict_indent-check (~> 3.0)
      puppet-lint-topscope-variable-check (~> 2.0)
      puppet-lint-trailing_comma-check (~> 2.0)
      puppet-lint-unquoted_string-check (~> 3.0)
      puppet-lint-variable_contains_upcase (~> 2.0)
      puppet-lint-version_comparison-check (~> 2.0)
    winrm (2.3.6)
      builder (>= 2.1.2)
      erubi (~> 1.8)
      gssapi (~> 1.2)
      gyoku (~> 1.0)
      httpclient (~> 2.2, >= 2.2.0.2)
      logging (>= 1.6.1, < 3.0)
      nori (~> 2.0)
      rubyntlm (~> 0.6.0, >= 0.6.3)
    yamllint (0.0.9)
      trollop (~> 2)
    yard (0.9.34)

PLATFORMS
  x86_64-darwin-22
  x86_64-linux

DEPENDENCIES
  beaker (~> 5.1)
  ffi (~> 1.15)
  hiera-eyaml (~> 3.3)
  json (~> 2.6)
  minitest (~> 5.18)
  nokogiri (~> 1.14)
  onceover (~> 3.20)
  onceover-codequality!
  onceover-lookup (~> 0.1, >= 0.1.1)
  onceover-octocatalog-diff (~> 0.1, >= 0.1.8)
  parallel (~> 1.22, >= 1.22.1)
  puppet (~> 8.0)
  puppet-lint (~> 4.0)
  puppet-strings (~> 4.0)
  puppet-syntax (~> 3.3)
  puppetlabs_spec_helper (~> 6.0)
  r10k (~> 3.15)
  ra10ke (~> 2.0)
  rspec-puppet (~> 3.0)
  rspec-puppet-facts (~> 2.0, >= 2.0.5)
  rspec-puppet-utils (~> 3.4)
  rubocop (~> 1.50)
  rubocop-performance (~> 1.17)
  rubocop-rake (~> 0.6)
  rubocop-rspec (~> 2.20)
  unf_ext (~> 0.0.8)
  voxpupuli-acceptance (~> 1.2)
  voxpupuli-puppet-lint-plugins (~> 5.0)
  yamllint (~> 0.0.9)

BUNDLED WITH
   2.4.14
